NUGET
  remote: https://nuget.org/api/v2
  specs:
    Microsoft.AspNet.WebApi.Client (5.2.3)
      Microsoft.Net.Http (>= 2.2.22) - framework: portable-wp80+win+net45+wp81+wpa81
      Newtonsoft.Json (>= 6.0.4) - framework: portable-wp80+win+net45+wp81+wpa81, >= net45
    Microsoft.AspNet.WebApi.Core (5.2.3)
      Microsoft.AspNet.WebApi.Client (>= 5.2.3)
    Microsoft.AspNet.WebApi.Owin (5.2.3)
      Microsoft.AspNet.WebApi.Core (>= 5.2.3 < 5.3.0)
      Microsoft.Owin (>= 2.0.2)
      Owin (>= 1.0)
    Microsoft.Bcl (1.1.10) - framework: portable-wp80+win+net45+wp81+wpa81
      Microsoft.Bcl.Build (>= 1.0.14)
    Microsoft.Bcl.Build (1.0.21) - import_targets: false, framework: portable-wp80+win+net45+wp81+wpa81
    Microsoft.CodeDom.Providers.DotNetCompilerPlatform (1.0.0) - framework: >= net452
      Microsoft.Net.Compilers (>= 1.0.0)
    Microsoft.Net.Compilers (1.0.0) - framework: >= net452
    Microsoft.Net.Http (2.2.29) - framework: portable-wp80+win+net45+wp81+wpa81
      Microsoft.Bcl (>= 1.1.10)
      Microsoft.Bcl.Build (>= 1.0.14)
    Microsoft.Owin (3.0.1)
      Owin (>= 1.0)
    Microsoft.Owin.Host.SystemWeb (3.0.1)
      Microsoft.Owin (>= 3.0.1)
      Owin (>= 1.0)
    Newtonsoft.Json (7.0.1) - framework: portable-wp80+win+net45+wp81+wpa81, >= net45
    Owin (1.0)
